PATH
  remote: .
  specs:
    eventsims (0.0.2)

GEM
  remote: https://rubygems.org/
  specs:
    rake (10.4.2)

PLATFORMS
  ruby
  x86-mingw32

DEPENDENCIES
  bundler (~> 1.10)
  eventsims!
  rake (~> 10.0)

BUNDLED WITH
   1.10.6
